PATH
  remote: .
  specs:
    where_to_cli (0.1.0)
      gli (= 2.13.1)
      where_to (~> 0.9.0, >= 0.9)

GEM
  remote: https://rubygems.org/
  specs:
    gli (2.13.1)
    httparty (0.13.5)
      json (~> 1.8)
      multi_xml (>= 0.5.2)
    json (1.8.3)
    multi_xml (0.5.5)
    power_assert (0.2.3)
    rake (10.4.2)
    rdoc (4.2.0)
    test-unit (3.1.1)
      power_assert
    tvdb_party (0.8.1)
      httparty (>= 0.6.1)
    where_to (0.9.5)
      tvdb_party (~> 0.8.0)

PLATFORMS
  ruby

DEPENDENCIES
  rake (~> 10.4.2, >= 10.4)
  rdoc (~> 4.2.0, >= 4.2)
  test-unit (~> 3.1.1, >= 3.1)
  where_to_cli!

BUNDLED WITH
   1.10.2
