PATH
  remote: .
  specs:
    where_to_cli (0.1.6)
      gli (= 2.13.1)
      where_to (~> 0.9.0, >= 0.9)

GEM
  remote: https://rubygems.org/
  specs:
    diff-lcs (1.2.5)
    gli (2.13.1)
    httparty (0.13.5)
      json (~> 1.8)
      multi_xml (>= 0.5.2)
    json (1.8.3)
    multi_xml (0.5.5)
    rake (10.4.2)
    rdoc (4.2.0)
    rspec (3.3.0)
      rspec-core (~> 3.3.0)
      rspec-expectations (~> 3.3.0)
      rspec-mocks (~> 3.3.0)
    rspec-core (3.3.0)
      rspec-support (~> 3.3.0)
    rspec-expectations (3.3.0)
      diff-lcs (>= 1.2.0, < 2.0)
      rspec-support (~> 3.3.0)
    rspec-mocks (3.3.0)
      diff-lcs (>= 1.2.0, < 2.0)
      rspec-support (~> 3.3.0)
    rspec-support (3.3.0)
    tvdb_party (0.8.1)
      httparty (>= 0.6.1)
    where_to (0.9.5)
      tvdb_party (~> 0.8.0)

PLATFORMS
  ruby

DEPENDENCIES
  rake (~> 10.4.2, >= 10.4)
  rdoc (~> 4.2.0, >= 4.2)
  rspec (~> 3.2)
  where_to_cli!

BUNDLED WITH
   1.10.3
