PATH
  remote: .
  specs:
    where_to_cli (0.1.0)
      gli (= 2.13.1)
      where_to (~> 0.9.0, >= 0.9)

GEM
  remote: https://rubygems.org/
  specs:
    aruba (0.6.2)
      childprocess (>= 0.3.6)
      cucumber (>= 1.1.1)
      rspec-expectations (>= 2.7.0)
    builder (3.2.2)
    childprocess (0.5.6)
      ffi (~> 1.0, >= 1.0.11)
    cucumber (2.0.0)
      builder (>= 2.1.2)
      cucumber-core (~> 1.1.3)
      diff-lcs (>= 1.1.3)
      gherkin (~> 2.12)
      multi_json (>= 1.7.5, < 2.0)
      multi_test (>= 0.1.2)
    cucumber-core (1.1.3)
      gherkin (~> 2.12.0)
    diff-lcs (1.2.5)
    ffi (1.9.8)
    gherkin (2.12.2)
      multi_json (~> 1.3)
    gli (2.13.1)
    httparty (0.13.5)
      json (~> 1.8)
      multi_xml (>= 0.5.2)
    json (1.8.3)
    multi_json (1.11.0)
    multi_test (0.1.2)
    multi_xml (0.5.5)
    rake (10.4.2)
    rdoc (4.2.0)
    rspec-expectations (3.2.1)
      diff-lcs (>= 1.2.0, < 2.0)
      rspec-support (~> 3.2.0)
    rspec-support (3.2.2)
    tvdb_party (0.8.1)
      httparty (>= 0.6.1)
    where_to (0.9.5)
      tvdb_party (~> 0.8.0)

PLATFORMS
  ruby

DEPENDENCIES
  aruba (~> 0.6.2, >= 0.6)
  rake (~> 10.4.2, >= 10.4)
  rdoc (~> 4.2.0, >= 4.2)
  where_to_cli!

BUNDLED WITH
   1.10.2
